GEM
  remote: https://rubygems.org/
  specs:
    api-auth (1.1.0)
    crack (0.4.2)
      safe_yaml (~> 1.0.0)
    rack (1.5.2)
    rack-protection (1.5.3)
      rack
    safe_yaml (1.0.1)
    sinatra (1.4.5)
      rack (~> 1.4)
      rack-protection (~> 1.4)
      tilt (~> 1.3, >= 1.3.4)
    tilt (1.4.1)

PLATFORMS
  ruby

DEPENDENCIES
  api-auth
  crack
  sinatra
